PATH
  remote: /Users/jeroen/Development/openminds/gitlab-api-wrapper
  specs:
    gitlab (3.2.0)
      httparty
      terminal-table

PATH
  remote: /Users/jeroen/Development/openminds/pronto
  specs:
    pronto (0.2.5)
      gitlab (~> 3.1, >= 3.1.0)
      grit (~> 2.5, >= 2.5.0)
      octokit (~> 2.7, >= 2.7.1)
      rugged (~> 0.19, >= 0.19.0)
      thor (~> 0.19, >= 0.19.1)

GEM
  remote: https://rubygems.org/
  specs:
    addressable (2.3.6)
    ast (2.0.0)
    diff-lcs (1.2.5)
    faraday (0.9.0)
      multipart-post (>= 1.2, < 3)
    grit (2.5.0)
      diff-lcs (~> 1.1)
      mime-types (~> 1.15)
      posix-spawn (~> 0.3.6)
    httparty (0.13.1)
      json (~> 1.8)
      multi_xml (>= 0.5.2)
    json (1.8.1)
    mime-types (1.25.1)
    multi_xml (0.5.5)
    multipart-post (2.0.0)
    octokit (2.7.2)
      sawyer (~> 0.5.2)
    parser (2.1.9)
      ast (>= 1.1, < 3.0)
      slop (~> 3.4, >= 3.4.5)
    posix-spawn (0.3.8)
    powerpack (0.0.9)
    pronto-rubocop (0.2.5)
      pronto (~> 0.2.0)
      rubocop (~> 0.23.0)
    rainbow (2.0.0)
    rubocop (0.23.0)
      json (>= 1.7.7, < 2)
      parser (~> 2.1.9)
      powerpack (~> 0.0.6)
      rainbow (>= 1.99.1, < 3.0)
      ruby-progressbar (~> 1.4)
    ruby-progressbar (1.5.1)
    rugged (0.19.0)
    sawyer (0.5.4)
      addressable (~> 2.3.5)
      faraday (~> 0.8, < 0.10)
    slop (3.5.0)
    terminal-table (1.4.5)
    thor (0.19.1)

PLATFORMS
  ruby

DEPENDENCIES
  gitlab!
  pronto!
  pronto-rubocop
